PATH
  remote: .
  specs:
    ruby_da (0.1.0)

GEM
  remote: https://rubygems.org/
  specs:
    minitest (5.5.1)
    rake (10.4.2)
    rake-compiler (0.9.5)
      rake

PLATFORMS
  ruby

DEPENDENCIES
  bundler (~> 1.9)
  minitest
  rake (~> 10.0)
  rake-compiler
  ruby_da!
